GEM
  remote: http://rubygems.org/
  specs:
    fakeweb (1.3.0)
    git (1.2.5)
    jeweler (1.6.4)
      bundler (~> 1.0)
      git (>= 1.2.5)
      rake
    mechanize (1.0.0)
      nokogiri (>= 1.2.1)
    mme_tools (0.0.4)
      unicode
    nokogiri (1.4.1)
    rake (0.9.2)
    rcov (0.9.10)
    unicode (0.4.0)
    uri_pathname (0.1.1.0)
    web_dump (0.0.2.0)
      uri_pathname
    ya2yaml (0.30)
    yajl-ruby (1.0.0)

PLATFORMS
  ruby

DEPENDENCIES
  bundler (~> 1.0.0)
  fakeweb (~> 1.3.0)
  jeweler (~> 1.6.4)
  mechanize (~> 1.0.0)
  mme_tools (~> 0.0.4)
  rcov
  web_dump (~> 0.0.2.0)
  ya2yaml (~> 0.30)
  yajl-ruby
