GEM
  remote: http://rubygems.org/
  specs:
    docile (1.1.3)
    domain_name (0.5.18)
      unf (>= 0.0.5, < 1.0.0)
    fakeweb (1.3.0)
    git (1.2.6)
    http-cookie (1.0.2)
      domain_name (~> 0.5)
    jeweler (1.6.4)
      bundler (~> 1.0)
      git (>= 1.2.5)
      rake
    mechanize (2.7.3)
      domain_name (~> 0.5, >= 0.5.1)
      http-cookie (~> 1.0)
      mime-types (~> 2.0)
      net-http-digest_auth (~> 1.1, >= 1.1.1)
      net-http-persistent (~> 2.5, >= 2.5.2)
      nokogiri (~> 1.4)
      ntlm-http (~> 0.1, >= 0.1.1)
      webrobots (>= 0.0.9, < 0.2)
    mime-types (2.2)
    mini_portile (0.5.3)
    minitest (5.3.3)
    mme_tools (0.0.4)
      unicode
    multi_json (1.9.2)
    net-http-digest_auth (1.4)
    net-http-persistent (2.9.4)
    nokogiri (1.6.1)
      mini_portile (~> 0.5.0)
    ntlm-http (0.1.1)
    rake (10.2.2)
    simplecov (0.8.2)
      docile (~> 1.1.0)
      multi_json
      simplecov-html (~> 0.8.0)
    simplecov-html (0.8.0)
    unf (0.1.4)
      unf_ext
    unf_ext (0.0.6)
    unicode (0.4.4.1)
    uri_pathname (0.1.1.0)
    web_dump (0.0.2.0)
      uri_pathname
    webrobots (0.1.1)
    ya2yaml (0.31)
    yajl-ruby (1.2.0)

PLATFORMS
  ruby

DEPENDENCIES
  bundler (~> 1.6.1)
  fakeweb (~> 1.3.0)
  jeweler (~> 1.6.4)
  mechanize (~> 2.7.3)
  minitest (>= 5.0.0)
  mme_tools (~> 0.0.4)
  simplecov
  web_dump (~> 0.0.2.0)
  ya2yaml (~> 0.30)
  yajl-ruby
